PATH
  remote: .
  specs:
    simple_auth0_secured (0.1.0)
      configurations (~> 2.2.0)
      faraday (~> 0.17)
      jwt
      oj (>= 3.10)
      typhoeus

GEM
  remote: https://rubygems.org/
  specs:
    coderay (1.1.2)
    configurations (2.2.2)
    diff-lcs (1.3)
    ethon (0.12.0)
      ffi (>= 1.3.0)
    faraday (0.17.3)
      multipart-post (>= 1.2, < 3)
    ffi (1.12.2)
    jwt (2.2.1)
    method_source (0.9.2)
    multipart-post (2.1.1)
    oj (3.10.5)
    pry (0.12.2)
      coderay (~> 1.1.0)
      method_source (~> 0.9.0)
    rake (12.3.3)
    rspec (3.7.0)
      rspec-core (~> 3.7.0)
      rspec-expectations (~> 3.7.0)
      rspec-mocks (~> 3.7.0)
    rspec-core (3.7.1)
      rspec-support (~> 3.7.0)
    rspec-expectations (3.7.0)
      diff-lcs (>= 1.2.0, < 2.0)
      rspec-support (~> 3.7.0)
    rspec-mocks (3.7.0)
      diff-lcs (>= 1.2.0, < 2.0)
      rspec-support (~> 3.7.0)
    rspec-support (3.7.1)
    typhoeus (1.3.1)
      ethon (>= 0.9.0)

PLATFORMS
  ruby

DEPENDENCIES
  pry
  rake (~> 12.0)
  rspec (~> 3.0)
  simple_auth0_secured!

BUNDLED WITH
   2.1.4
